PATH
  remote: .
  specs:
    confetti (0.10.6)
      mustache (~> 0.11.2)
      nokogiri (= 1.6.2.1)

GEM
  remote: http://rubygems.org/
  specs:
    diff-lcs (1.1.3)
    mini_portile (0.6.0)
    mustache (0.11.2)
    nokogiri (1.6.2.1)
      mini_portile (= 0.6.0)
    rspec (2.6.0)
      rspec-core (~> 2.6.0)
      rspec-expectations (~> 2.6.0)
      rspec-mocks (~> 2.6.0)
    rspec-core (2.6.4)
    rspec-expectations (2.6.0)
      diff-lcs (~> 1.1.2)
    rspec-mocks (2.6.0)

PLATFORMS
  ruby

DEPENDENCIES
  confetti!
  rspec (~> 2.6.0)
